GEM
  remote: https://rubygems.org/
  specs:
    activesupport (4.2.3)
      i18n (~> 0.7)
      json (~> 1.7, >= 1.7.7)
      minitest (~> 5.1)
      thread_safe (~> 0.3, >= 0.3.4)
      tzinfo (~> 1.1)
    dotenv (2.0.2)
    eventmachine (1.0.8)
    faraday (0.9.1)
      multipart-post (>= 1.2, < 3)
    faye-websocket (0.10.0)
      eventmachine (>= 0.12.0)
      websocket-driver (>= 0.5.1)
    http_router (0.11.2)
      rack (>= 1.0.0)
      url_mount (~> 0.2.1)
    i18n (0.7.0)
    ice_nine (0.11.1)
    ipaddress (0.8.0)
    json (1.8.3)
    lita (4.5.0)
      bundler (>= 1.3)
      faraday (>= 0.8.7)
      http_router (>= 0.11.2)
      i18n (>= 0.6.9)
      ice_nine (>= 0.11.0)
      multi_json (>= 1.7.7)
      puma (>= 2.7.1)
      rack (>= 1.5.2)
      rb-readline (>= 0.5.1)
      redis-namespace (>= 1.3.0)
      thor (>= 0.18.1)
    lita-chuck_norris (0.0.1)
      lita (>= 3.0)
    lita-custom-meme (1.0.0)
      lita (>= 4.0)
    lita-google-images (2.0.0)
      lita (>= 4.0)
    lita-karma (3.0.2)
      lita (>= 4.0)
    lita-logger (1.0.1)
      lita (>= 3.3)
    lita-slack (1.5.0)
      eventmachine
      faraday
      faye-websocket (>= 0.8.0)
      lita (>= 4.4.2)
      multi_json
    lita-tuc (0.0.2)
      lita (~> 4.0, >= 4.0.4)
    lita-whois (0.1.0)
      ipaddress
      lita (>= 3.0)
      whois
    lita-youtube (1.0.0)
      lita (>= 4.0)
    minitest (5.8.0)
    moiscot-coffee (0.0.10)
      lita (~> 4.0, >= 4.0.4)
    moiscot-problem (0.0.4)
      lita (~> 4.0, >= 4.0.4)
    multi_json (1.11.2)
    multipart-post (2.0.0)
    puma (2.13.4)
    rack (1.6.4)
    rb-readline (0.5.3)
    redis (3.2.1)
    redis-namespace (1.5.2)
      redis (~> 3.0, >= 3.0.4)
    thor (0.19.1)
    thread_safe (0.3.5)
    tzinfo (1.2.2)
      thread_safe (~> 0.1)
    url_mount (0.2.1)
      rack
    websocket-driver (0.6.2)
      websocket-extensions (>= 0.1.0)
    websocket-extensions (0.1.2)
    whois (3.6.0)
      activesupport (>= 3)

PLATFORMS
  ruby

DEPENDENCIES
  dotenv
  lita
  lita-chuck_norris
  lita-custom-meme
  lita-google-images
  lita-karma
  lita-logger
  lita-slack
  lita-tuc
  lita-whois
  lita-youtube
  moiscot-coffee
  moiscot-problem
  puma

BUNDLED WITH
   1.10.5
