GEM
  remote: https://rubygems.org/
  specs:
    activesupport (4.1.8)
      i18n (~> 0.6, >= 0.6.9)
      json (~> 1.7, >= 1.7.7)
      minitest (~> 5.1)
      thread_safe (~> 0.1)
      tzinfo (~> 1.1)
    dotenv (1.0.2)
    eventmachine (1.0.7)
    faraday (0.9.0)
      multipart-post (>= 1.2, < 3)
    faye-websocket (0.9.1)
      eventmachine (>= 0.12.0)
      websocket-driver (>= 0.5.1)
    http_router (0.11.1)
      rack (>= 1.0.0)
      url_mount (~> 0.2.1)
    i18n (0.6.11)
    ice_nine (0.11.1)
    ipaddress (0.8.0)
    json (1.8.1)
    lita (4.0.4)
      bundler (>= 1.3)
      faraday (>= 0.8.7)
      http_router (>= 0.11.1)
      i18n (>= 0.6.9)
      ice_nine (>= 0.11.0)
      multi_json (>= 1.7.7)
      puma (>= 2.7.1)
      rack (>= 1.5.2)
      rb-readline (>= 0.5.1)
      redis-namespace (>= 1.3.0)
      thor (>= 0.18.1)
    lita-chuck_norris (0.0.1)
      lita (>= 3.0)
    lita-google-images (2.0.0)
      lita (>= 4.0)
    lita-karma (3.0.0)
      lita (>= 4.0)
    lita-logger (1.0.1)
      lita (>= 3.3)
    lita-slack (1.0.3)
      eventmachine
      faraday
      faye-websocket (>= 0.8.0)
      lita (>= 4.0.4)
      multi_json
    lita-whois (0.1.0)
      ipaddress
      lita (>= 3.0)
      whois
    lita-youtube (1.0.0)
      lita (>= 4.0)
    minitest (5.5.0)
    moiscot-problem (0.0.4)
      lita (~> 4.0, >= 4.0.4)
    multi_json (1.10.1)
    multipart-post (2.0.0)
    puma (2.10.2)
      rack (>= 1.1, < 2.0)
    rack (1.6.0)
    rb-readline (0.5.1)
    redis (3.2.0)
    redis-namespace (1.5.1)
      redis (~> 3.0, >= 3.0.4)
    thor (0.19.1)
    thread_safe (0.3.4)
    tzinfo (1.2.2)
      thread_safe (~> 0.1)
    url_mount (0.2.1)
      rack
    websocket-driver (0.5.1)
      websocket-extensions (>= 0.1.0)
    websocket-extensions (0.1.1)
    whois (3.5.8)
      activesupport (>= 3)

PLATFORMS
  ruby

DEPENDENCIES
  dotenv
  lita
  lita-chuck_norris
  lita-google-images
  lita-karma
  lita-logger
  lita-slack
  lita-whois
  lita-youtube
  moiscot-problem
  puma
